GEM
  remote: https://rubygems.org/
  specs:
    fiddle (1.1.2)
    pycall (1.5.1)

PLATFORMS
  ruby
  x86_64-linux

DEPENDENCIES
  fiddle
  pycall

BUNDLED WITH
   2.5.9
